GEM
  remote: https://rubygems.org/
  specs:
    ansi (1.5.0)
    builder (3.2.2)
    colorize (0.7.7)
    minitest (5.8.2)
    minitest-reporters (1.1.5)
      ansi
      builder
      minitest (>= 5.0)
      ruby-progressbar
    ruby-progressbar (1.7.5)

PLATFORMS
  x64-mingw32

DEPENDENCIES
  colorize
  minitest
  minitest-reporters

BUNDLED WITH
   1.10.6
